GIT
  remote: https://github.com/MichiganCliffy/Cliffy.Ruby.CliffyGem.git
  revision: 5e3c78a5359d4c26db7273ddb6e294bbb18978b3
  specs:
    cliffy_gem (1.0.7)

GEM
  remote: https://rubygems.org/
  specs:
    bson (1.10.2)
    bson_ext (1.10.2)
      bson (~> 1.10.2)
    flickraw (0.9.8)
    json (1.8.1)
    mongo (1.10.2)
      bson (= 1.10.2)
    rake (10.3.2)

PLATFORMS
  ruby

DEPENDENCIES
  bson
  bson_ext
  cliffy_gem!
  flickraw
  json
  mongo
  rake
