GEM
  remote: https://rubygems.org/
  specs:
    bson (1.12.5)
    bson_ext (1.12.5)
      bson (~> 1.12.5)
    flickraw (0.9.8)
    json (1.8.3)
    mongo (1.12.5)
      bson (= 1.12.5)
    rake (10.5.0)

PLATFORMS
  ruby

DEPENDENCIES
  bson
  bson_ext
  flickraw
  json
  mongo
  rake

BUNDLED WITH
   1.11.2
