GEM
  remote: https://rubygems.org/
  specs:
    bson (4.4.2)
    bson_ext (1.5.1)
    flickraw (0.9.10)
    json (2.3.0)
    mongo (2.8.0)
      bson (>= 4.4.2, < 5.0.0)
    rake (12.3.2)

PLATFORMS
  ruby

DEPENDENCIES
  bson
  bson_ext
  flickraw
  json
  mongo
  rake

RUBY VERSION
   ruby 2.5.3p105

BUNDLED WITH
   2.0.1
