GIT
  remote: https://github.com/MichiganCliffy/Cliffy.Ruby.CliffyGem.git
  revision: 61fd17661972c5d339bab29e49131cd364a81fc1
  specs:
    cliffy_gem (1.0.9)

GEM
  remote: https://rubygems.org/
  specs:
    bson (1.10.2)
    bson_ext (1.10.2)
      bson (~> 1.10.2)
    flickraw (0.9.8)
    json (1.8.1)
    mongo (1.10.2)
      bson (= 1.10.2)
    rake (10.3.2)

PLATFORMS
  ruby

DEPENDENCIES
  bson
  bson_ext
  cliffy_gem!
  flickraw
  json
  mongo
  rake
