GIT
  remote: https://github.com/MichiganCliffy/Cliffy.Ruby.CliffyGem.git
  revision: 2d1da34fdc36ff7059912e3f475db4df7ceda4ab
  specs:
    cliffy_gem (1.0.4)

GEM
  remote: https://rubygems.org/
  specs:
    bson (1.10.2)
    flickraw (0.9.8)
    mongo (1.10.2)
      bson (= 1.10.2)
    rake (10.3.2)

PLATFORMS
  ruby

DEPENDENCIES
  cliffy_gem!
  flickraw
  mongo
  rake
