GIT
  remote: https://github.com/MichiganCliffy/Cliffy.Ruby.CliffyGem.git
  revision: fd5b0f6dc6afdb70ad9b4c55348d2e2ee952850b
  specs:
    cliffy_gem (1.0.6)

GEM
  remote: https://rubygems.org/
  specs:
    bson (1.10.2)
    flickraw (0.9.8)
    mongo (1.10.2)
      bson (= 1.10.2)
    rake (10.3.2)

PLATFORMS
  ruby

DEPENDENCIES
  cliffy_gem!
  flickraw
  mongo
  rake
